GEM
  remote: http://rubygems.org/
  specs:
    ez_http (1.0.4)
      json (>= 1.6.6)
    haml (3.1.7)
    json (1.7.6)
    rack (1.4.4)
    rack-protection (1.3.2)
      rack
    sinatra (1.3.3)
      rack (~> 1.3, >= 1.3.6)
      rack-protection (~> 1.2)
      tilt (~> 1.3, >= 1.3.3)
    tilt (1.3.3)

PLATFORMS
  ruby

DEPENDENCIES
  ez_http
  haml
  sinatra
