GEM
  remote: http://rubygems.org/
  specs:
    ez_http (1.0.4)
      json (>= 1.6.6)
    haml (3.1.7)
    json (1.7.6)
    nokogiri (1.5.6)
    rack (1.4.4)
    rack-protection (1.3.2)
      rack
    sanitize (2.0.3)
      nokogiri (>= 1.4.4, < 1.6)
    sinatra (1.3.3)
      rack (~> 1.3, >= 1.3.6)
      rack-protection (~> 1.2)
      tilt (~> 1.3, >= 1.3.3)
    tilt (1.3.3)

PLATFORMS
  ruby

DEPENDENCIES
  ez_http
  haml
  sanitize
  sinatra
